PATH
  remote: .
  specs:
    noodall-redirects (0.0.1)
      rack-rewrite (~> 1.2.1)

GEM
  remote: http://rubygems.org/
  remote: http://gems.github.com/
  specs:
    rack-rewrite (1.2.1)

PLATFORMS
  ruby

DEPENDENCIES
  bundler (>= 1.0.0)
  noodall-redirects!
